GEM
  remote: https://rubygems.org/
  specs:
    axiom-types (0.1.1)
      descendants_tracker (~> 0.0.4)
      ice_nine (~> 0.11.0)
      thread_safe (~> 0.3, >= 0.3.1)
    clever-api (0.0.2)
      rest-client
    coercible (1.0.0)
      descendants_tracker (~> 0.0.1)
    curb (0.9.0)
    descendants_tracker (0.0.4)
      thread_safe (~> 0.3, >= 0.3.1)
    domain_name (0.5.25)
      unf (>= 0.0.5, < 1.0.0)
    equalizer (0.0.11)
    faraday (0.9.2)
      multipart-post (>= 1.2, < 3)
    gems (0.8.3)
    gene_pool (1.4.1)
      thread_safe
    httmultiparty (0.3.16)
      httparty (>= 0.7.3)
      mimemagic
      multipart-post
    http-cookie (1.0.2)
      domain_name (~> 0.5)
    http_router (0.11.2)
      rack (>= 1.0.0)
      url_mount (~> 0.2.1)
    httparty (0.13.7)
      json (~> 1.8)
      multi_xml (>= 0.5.2)
    i18n (0.7.0)
    ice_nine (0.11.1)
    json (1.8.3)
    lita (4.6.1)
      bundler (>= 1.3)
      faraday (>= 0.8.7)
      http_router (>= 0.11.2)
      i18n (>= 0.6.9)
      ice_nine (>= 0.11.0)
      multi_json (>= 1.7.7)
      puma (>= 2.7.1)
      rack (>= 1.5.2)
      rb-readline (>= 0.5.1)
      redis-namespace (>= 1.3.0)
      thor (>= 0.18.1)
    lita-against-humanity (0.2.0)
      lita (>= 4.4)
    lita-ai (0.1.0)
      clever-api (~> 0.0.2)
      lita (>= 4.6)
    lita-devops-reactions (0.1.0)
      curb (>= 0.8)
      lita (>= 4.4)
      nokogiri (>= 1.6)
    lita-gems (1.1.0)
      gems (>= 0.8.0)
      lita (>= 2.6)
    lita-giphy (1.0.3)
      lita (>= 2.0)
    lita-google-images (3.0.0)
      lita (>= 4.0)
    lita-karma (3.0.2)
      lita (>= 4.0)
    lita-keepalive (0.0.2)
      lita (~> 4.0)
    lita-telegram (0.1.0)
      lita (>= 4.5)
      telegram-bot-ruby
    mime-types (2.99)
    mimemagic (0.3.0)
    mini_portile2 (2.0.0)
    multi_json (1.11.2)
    multi_xml (0.5.5)
    multipart-post (2.0.0)
    netrc (0.11.0)
    nokogiri (1.6.7.1)
      mini_portile2 (~> 2.0.0.rc2)
    persistent_http (1.0.6)
      gene_pool (>= 1.3)
    persistent_httparty (0.1.2)
      httparty (~> 0.9)
      persistent_http (< 2)
    puma (2.15.3)
    rack (1.6.4)
    rb-readline (0.5.3)
    redis (3.2.2)
    redis-namespace (1.5.2)
      redis (~> 3.0, >= 3.0.4)
    rest-client (1.8.0)
      http-cookie (>= 1.0.2, < 2.0)
      mime-types (>= 1.16, < 3.0)
      netrc (~> 0.7)
    telegram-bot-ruby (0.3.11)
      httmultiparty
      persistent_httparty
      virtus
    thor (0.19.1)
    thread_safe (0.3.5)
    unf (0.1.4)
      unf_ext
    unf_ext (0.0.7.1)
    url_mount (0.2.1)
      rack
    virtus (1.0.5)
      axiom-types (~> 0.1)
      coercible (~> 1.0)
      descendants_tracker (~> 0.0, >= 0.0.3)
      equalizer (~> 0.0, >= 0.0.9)

PLATFORMS
  ruby

DEPENDENCIES
  lita
  lita-against-humanity
  lita-ai
  lita-devops-reactions
  lita-gems
  lita-giphy
  lita-google-images (~> 3.0.0)
  lita-karma
  lita-keepalive
  lita-telegram

BUNDLED WITH
   1.11.2
